GEM
  remote: https://rubygems.org/
  specs:
    addressable (2.3.8)
    json (1.8.3)
    mime-types (1.25.1)
    rest-client (1.6.9)
      mime-types (~> 1.16)
    rubyzip (1.2.0)
    unirest (1.1.2)
      addressable (~> 2.3.5)
      json (~> 1.8.1)
      rest-client (~> 1.6.7)

PLATFORMS
  ruby

DEPENDENCIES
  rubyzip
  unirest

BUNDLED WITH
   1.10.6
